GEM
  remote: https://rubygems.org/
  specs:
    amazing_print (1.4.0)
    byebug (11.1.3)
    coderay (1.1.3)
    diff-lcs (1.5.0)
    method_source (1.0.0)
    nio4r (2.5.8)
    pry (0.14.2)
      coderay (~> 1.1)
      method_source (~> 1.0)
    pry-byebug (3.10.1)
      byebug (~> 11.0)
      pry (>= 0.13, < 0.15)
    puma (6.0.2)
      nio4r (~> 2.0)
    rack (3.0.4.1)
    rake (13.0.6)
    roda (3.64.0)
      rack
    rspec (3.12.0)
      rspec-core (~> 3.12.0)
      rspec-expectations (~> 3.12.0)
      rspec-mocks (~> 3.12.0)
    rspec-core (3.12.1)
      rspec-support (~> 3.12.0)
    rspec-expectations (3.12.2)
      diff-lcs (>= 1.2.0, < 2.0)
      rspec-support (~> 3.12.0)
    rspec-mocks (3.12.3)
      diff-lcs (>= 1.2.0, < 2.0)
      rspec-support (~> 3.12.0)
    rspec-support (3.12.0)
    slim (5.0.0)
      temple (~> 0.10.0)
      tilt (>= 2.0.6, < 2.1)
    temple (0.10.0)
    tilt (2.0.11)

PLATFORMS
  x86_64-linux

DEPENDENCIES
  amazing_print (~> 1.4.0)
  pry-byebug (~> 3.10.1)
  puma (~> 6.0.2)
  rake (~> 13.0.6)
  roda (~> 3.64.0)
  rspec (~> 3.12.0)
  slim

BUNDLED WITH
   2.4.6
